GEM
  remote: https://rubygems.org/
  specs:
    ProMotion (0.7.0)
    bubble-wrap (1.3.0)
    coderay (1.0.9)
    ffi (1.8.1)
    formatador (0.2.4)
    geomotion (0.12.1)
    growl (1.0.3)
    guard (1.8.0)
      formatador (>= 0.2.4)
      listen (>= 1.0.0)
      lumberjack (>= 1.0.2)
      pry (>= 0.9.10)
      thor (>= 0.14.6)
    guard-motion (0.1.2)
      guard (>= 1.1.0)
      rake (>= 0.9)
    listen (1.1.5)
      rb-fsevent (>= 0.9.3)
      rb-inotify (>= 0.9)
      rb-kqueue (>= 0.2)
    lumberjack (1.0.3)
    method_source (0.8.1)
    motion-redgreen (0.1.0)
    motion-xray (1.0.4)
      geomotion (>= 0.10.0)
      sugarcube (>= 0.20.1)
    pry (0.9.12.2)
      coderay (~> 1.0.5)
      method_source (~> 0.8)
      slop (~> 3.4)
    rake (10.0.4)
    rb-fsevent (0.9.3)
    rb-inotify (0.9.0)
      ffi (>= 0.5.0)
    rb-kqueue (0.2.0)
      ffi (>= 0.5.0)
    slop (3.4.5)
    sugarcube (0.20.22)
    thor (0.18.1)

PLATFORMS
  ruby

DEPENDENCIES
  ProMotion
  bubble-wrap
  growl
  guard-motion
  motion-redgreen
  motion-xray
