GIT
  remote: git@github.com:clearsightstudio/ProMotion.git
  revision: 5d1d09a828ec3e667c7482babad8942c03403b92
  specs:
    ProMotion (0.7.6)

GEM
  remote: https://rubygems.org/
  specs:
    activesupport (3.2.13)
      i18n (= 0.6.1)
      multi_json (~> 1.0)
    addressable (2.3.4)
    bubble-wrap (1.3.0)
    claide (0.3.2)
    cocoapods (0.20.2)
      activesupport (~> 3.2.13)
      claide (~> 0.3.2)
      cocoapods-core (= 0.20.2)
      cocoapods-downloader (~> 0.1.1)
      colored (~> 1.2)
      escape (~> 0.0.4)
      faraday (~> 0.8.1)
      json (~> 1.8.0)
      octokit (~> 1.7)
      open4 (~> 1.3.0)
      rake (~> 10.0.0)
      xcodeproj (~> 0.6.0)
    cocoapods-core (0.20.2)
      activesupport (~> 3.2.13)
      rake (~> 10.0.0)
    cocoapods-downloader (0.1.1)
    coderay (1.0.9)
    colored (1.2)
    escape (0.0.4)
    faraday (0.8.7)
      multipart-post (~> 1.1)
    faraday_middleware (0.9.0)
      faraday (>= 0.7.4, < 0.9)
    ffi (1.8.1)
    formatador (0.2.4)
    geomotion (0.12.1)
    growl (1.0.3)
    guard (1.8.0)
      formatador (>= 0.2.4)
      listen (>= 1.0.0)
      lumberjack (>= 1.0.2)
      pry (>= 0.9.10)
      thor (>= 0.14.6)
    guard-motion (0.1.2)
      guard (>= 1.1.0)
      rake (>= 0.9)
    hashie (2.0.5)
    i18n (0.6.1)
    ib (0.3.0)
      thor (>= 0.15.4)
      xcodeproj (>= 0.4.1)
    json (1.8.0)
    listen (1.1.6)
      rb-fsevent (>= 0.9.3)
      rb-inotify (>= 0.9)
      rb-kqueue (>= 0.2)
    lumberjack (1.0.3)
    method_source (0.8.1)
    motion-cocoapods (1.3.2)
      cocoapods (>= 0.17.0)
    motion-redgreen (0.1.0)
    motion-xray (1.0.4)
      geomotion (>= 0.10.0)
      sugarcube (>= 0.20.1)
    multi_json (1.7.6)
    multipart-post (1.2.0)
    nano-store (0.6.3)
      motion-cocoapods (>= 1.2.1)
    netrc (0.7.7)
    octokit (1.24.0)
      addressable (~> 2.2)
      faraday (~> 0.8)
      faraday_middleware (~> 0.9)
      hashie (~> 2.0)
      multi_json (~> 1.3)
      netrc (~> 0.7.7)
    open4 (1.3.0)
    pry (0.9.12.2)
      coderay (~> 1.0.5)
      method_source (~> 0.8)
      slop (~> 3.4)
    rake (10.0.4)
    rb-fsevent (0.9.3)
    rb-inotify (0.9.0)
      ffi (>= 0.5.0)
    rb-kqueue (0.2.0)
      ffi (>= 0.5.0)
    slop (3.4.5)
    sugarcube (0.20.22)
    thor (0.18.1)
    xcodeproj (0.6.0)
      activesupport (~> 3.2.13)
      colored (~> 1.2)

PLATFORMS
  ruby

DEPENDENCIES
  ProMotion!
  bubble-wrap
  growl
  guard-motion
  ib
  motion-cocoapods
  motion-redgreen
  motion-xray
  nano-store
